PATH
  remote: .
  specs:
    CLI_Project (0.1.0)

GEM
  remote: https://rubygems.org/
  specs:
    coderay (1.1.2)
    method_source (0.9.0)
    mini_portile2 (2.3.0)
    nokogiri (1.8.5)
      mini_portile2 (~> 2.3.0)
    pry (0.11.3)
      coderay (~> 1.1.0)
      method_source (~> 0.9.0)
    rake (10.5.0)

PLATFORMS
  ruby

DEPENDENCIES
  CLI_Project!
  bundler (~> 1.16)
  nokogiri
  pry
  rake (~> 10.0)

BUNDLED WITH
   1.16.5
